GIT
  remote: https://github.com/JonMidhir/ruby-knn
  revision: ccfdd1e5a850db287b8081b53a6be23f4511a7fb
  specs:
    knn (1.0.0)

GEM
  specs:

PLATFORMS
  arm-linux

DEPENDENCIES
  knn!

BUNDLED WITH
   2.2.3
